GEM
  remote: https://rubygems.org/
  specs:
    mustermann (1.0.3)
    pg (1.1.4)
    rack (2.2.6.4)
    rack-protection (2.0.7)
      rack
    sequel (5.26.0)
    sinatra (2.0.7)
      mustermann (~> 1.0)
      rack (~> 2.0)
      rack-protection (= 2.0.7)
      tilt (~> 2.0)
    tilt (2.0.10)

PLATFORMS
  ruby

DEPENDENCIES
  pg
  sequel
  sinatra

BUNDLED WITH
   2.0.2
